GEM
  remote: https://rubygems.org/
  specs:
    activesupport (6.0.0)
      concurrent-ruby (~> 1.0, >= 1.0.2)
      i18n (>= 0.7, < 2)
      minitest (~> 5.1)
      tzinfo (~> 1.1)
      zeitwerk (~> 2.1, >= 2.1.8)
    concurrent-ruby (1.1.5)
    graphql (1.9.12)
    graphql-client (0.15.0)
      activesupport (>= 3.0)
      graphql (~> 1.8)
    i18n (1.6.0)
      concurrent-ruby (~> 1.0)
    minitest (5.12.2)
    thread_safe (0.3.6)
    tzinfo (1.2.5)
      thread_safe (~> 0.1)
    zeitwerk (2.1.10)

PLATFORMS
  ruby

DEPENDENCIES
  graphql-client

BUNDLED WITH
   1.17.2
